PATH
  remote: /Users/drivera/IdeaProjects/one_doc
  specs:
    one_doc (0.0.0)
      github-linguist
      nokogiri

GEM
  remote: https://rubygems.org/
  specs:
    better_errors (2.1.1)
      coderay (>= 1.0.0)
      erubis (>= 2.6.6)
      rack (>= 0.9.0)
    charlock_holmes (0.7.3)
    coderay (1.1.0)
    erubis (2.7.0)
    escape_utils (1.1.0)
    github-linguist (4.5.9)
      charlock_holmes (~> 0.7.3)
      escape_utils (~> 1.1.0)
      mime-types (>= 1.19)
      rugged (>= 0.23.0b)
    method_source (0.8.2)
    mime-types (2.6.1)
    mini_portile (0.6.2)
    nokogiri (1.6.6.2)
      mini_portile (~> 0.6.0)
    pry (0.10.1)
      coderay (~> 1.1.0)
      method_source (~> 0.8.1)
      slop (~> 3.4)
    rack (1.6.4)
    rugged (0.23.0b4)
    slop (3.6.0)

PLATFORMS
  ruby

DEPENDENCIES
  better_errors
  one_doc!
  pry
